GEM
  remote: http://rubygems.org/
  specs:
    facter (1.6.2)
    json (1.6.7)
    metaclass (0.0.1)
    mocha (0.10.0)
      metaclass (~> 0.0.1)
    parseconfig (0.5.2)
    rack (1.3.5)
    rack-test (0.6.1)
      rack (>= 1.0)
    rake (0.9.2.2)
    test-unit (2.4.0)

PLATFORMS
  ruby

DEPENDENCIES
  facter
  json
  mocha
  parseconfig
  rack
  rack-test
  rake
  test-unit
