GEM
  remote: http://rubygems.org/
  specs:
    facter (1.6.18)
    json_pure (1.7.7)
    metaclass (0.0.1)
    mocha (0.13.3)
      metaclass (~> 0.0.1)
    parseconfig (1.0.2)
    rack (1.5.2)
    rack-test (0.6.2)
      rack (>= 1.0)
    rake (10.0.4)
    test-unit (2.5.4)

PLATFORMS
  ruby

DEPENDENCIES
  facter
  json_pure
  mocha
  parseconfig
  rack
  rack-test
  rake
  test-unit
