GEM
  remote: http://rubygems.org/
  specs:
    facter (1.6.2)
    parseconfig (0.5.2)
    rack (1.3.5)

PLATFORMS
  ruby

DEPENDENCIES
  facter
  parseconfig
  rack
